GEM
  remote: https://rubygems.org/
  specs:
    event_emitter (0.2.5)
    httparty (0.13.1)
      json (~> 1.8)
      multi_xml (>= 0.5.2)
    json (1.8.1)
    multi_xml (0.5.5)
    socket.io-client-simple (0.0.6)
      event_emitter
      httparty
      json
      websocket-client-simple (>= 0.0.9)
    websocket (1.1.4)
    websocket-client-simple (0.2.0)
      event_emitter
      websocket

PLATFORMS
  ruby

DEPENDENCIES
  socket.io-client-simple (< 1.0)
